GEM
  remote: https://rubygems.org/
  specs:
    haml (4.0.4)
      tilt
    minitest (5.0.8)
    rack (1.5.2)
    rack-protection (1.5.1)
      rack
    rake (10.1.0)
    sinatra (1.4.4)
      rack (~> 1.4)
      rack-protection (~> 1.4)
      tilt (~> 1.3, >= 1.3.4)
    tilt (1.4.1)

PLATFORMS
  ruby

DEPENDENCIES
  haml
  minitest
  rake
  sinatra
